GEM
  remote: http://rubygems.org/
  specs:
    daemons (1.0.10)
    diff-lcs (1.1.2)
    eventmachine (0.12.10)
    json (1.4.6)
    rspec (2.3.0)
      rspec-core (~> 2.3.0)
      rspec-expectations (~> 2.3.0)
      rspec-mocks (~> 2.3.0)
    rspec-core (2.3.1)
    rspec-expectations (2.3.0)
      diff-lcs (~> 1.1.2)
    rspec-mocks (2.3.0)

PLATFORMS
  ruby

DEPENDENCIES
  daemons
  eventmachine
  json
  rspec
